GIT
  remote: git://github.com/Dishwasha/smurf.git
  revision: b9218de0800b4195b474d8c04d5d07f413d79363
  specs:
    smurf (1.0.3)

GIT
  remote: git://github.com/talho/backgroundrb.git
  revision: 050debce657df3e164db614b6ff3aa63e8a54baa
  specs:
    backgroundrb (1.1.1)

GIT
  remote: git://github.com/talho/caching_presenter.git
  revision: a0aa2baa2e34b6feb2c4176e2edaa9e46b28a1cc
  specs:
    caching_presenter (0.8.0)

GIT
  remote: git://github.com/talho/happymapper.git
  revision: 7a0f7215d9d50a2a40667428aa8039073fb5caf1
  specs:
    happymapper (0.3.2)
      libxml-ruby (~> 1.1.3)

GIT
  remote: git://github.com/talho/httpclient.git
  revision: 557ef82946919232ea99822489f67d3634ab74c6
  specs:
    httpclient (2.2.2)

GIT
  remote: git://github.com/talho/httpi.git
  revision: d9befa4208ef490db160b4093ddff775f836f568
  specs:
    httpi (0.9.5)
      rack

GIT
  remote: git://github.com/talho/option_attrs.git
  revision: 6261f589cb3403d726b3ed7de08c2a24e246de34
  specs:
    option_attrs (0.1)

GIT
  remote: git://github.com/talho/pin_cushion.git
  revision: 55a4aacc905ad021dd31792d394ca9d0699f30a2
  specs:
    pin_cushion (0.1)

GEM
  remote: http://gemcutter.org/
  remote: http://rubygems.org/
  remote: http://gems.github.com/
  specs:
    RedCloth (4.2.8)
    actionmailer (2.3.14)
      actionpack (= 2.3.14)
    actionpack (2.3.14)
      activesupport (= 2.3.14)
      rack (~> 1.1.0)
    activerecord (2.3.14)
      activesupport (= 2.3.14)
    activeresource (2.3.14)
      activesupport (= 2.3.14)
    activesupport (2.3.14)
    acts-as-taggable-on (2.0.6)
    addressable (2.2.7)
    after_commit (1.0.10)
      activerecord (>= 1.15.6, < 3.0.0)
    akami (1.0.0)
      gyoku (>= 0.4.0)
    archive-tar-minitar (0.5.2)
    awesome_nested_set (1.4.4)
      activerecord (>= 1.1)
    base32-crockford (0.1.0)
    bson (1.3.1)
    bson_ext (1.3.1)
    builder (2.1.2)
    bullet (2.2.1)
      uniform_notifier (~> 1.0.0)
    capistrano (2.11.2)
      highline
      net-scp (>= 1.0.0)
      net-sftp (>= 2.0.0)
      net-ssh (>= 2.0.14)
      net-ssh-gateway (>= 1.1.0)
    capistrano-unicorn (0.1.6)
      capistrano
    capybara (1.1.2)
      mime-types (>= 1.16)
      nokogiri (>= 1.3.3)
      rack (>= 1.0.0)
      rack-test (>= 0.5.4)
      selenium-webdriver (~> 2.0)
      xpath (~> 0.1.4)
    childprocess (0.3.1)
      ffi (~> 1.0.6)
    chromedriver-helper (0.0.2)
      nokogiri
    chronic (0.2.3)
      hoe (>= 1.2.1)
    clamav (0.4.1)
    clearance (0.8.8)
    cocaine (0.2.1)
    columnize (0.3.6)
    crack (0.1.8)
    cucumber (1.1.0)
      builder (>= 2.1.2)
      diff-lcs (>= 1.1.2)
      gherkin (~> 2.5.0)
      json (>= 1.4.6)
      term-ansicolor (>= 1.0.6)
    cucumber-rails (0.3.2)
      cucumber (>= 0.8.0)
    culerity (0.2.15)
    curb (0.7.15)
    daemons (1.0.10)
    database_cleaner (0.7.1)
    delayed_job (2.0.7)
      activesupport (~> 2.0)
      daemons (= 1.0.10)
    diff-lcs (1.1.3)
    exception_notification (2.3.3.0)
    factory_girl (2.6.4)
      activesupport (>= 2.3.9)
    fake_arel (0.9.9)
      activerecord (>= 2.3.5)
    feedzirra (0.0.23)
      activesupport (>= 2.0.0)
      builder (>= 2.1.2)
      curb (>= 0.2.3)
      loofah (>= 0.3.1)
      nokogiri (> 0.0.0)
      sax-machine (>= 0.0.12)
    ffi (1.0.11)
    gherkin (2.5.4)
      json (>= 1.4.6)
    git (1.2.5)
    git_remote_branch (0.3.3)
      rainbow
    gyoku (0.4.4)
      builder (>= 2.1.2)
    headless (0.2.2)
    highline (1.6.11)
    hoe (2.16.1)
      rake (~> 0.8)
    hoptoad_notifier (2.4.11)
      activesupport
      builder
    httparty (0.8.1)
      multi_json
      multi_xml
    jslint_on_rails (1.0.7)
    json (1.6.5)
    json_pure (1.4.6)
    kgio (2.7.3)
    launchy (2.1.0)
      addressable (~> 2.2.6)
    libxml-ruby (1.1.3)
    linecache19 (0.5.12)
      ruby_core_source (>= 0.1.4)
    loofah (1.2.0)
      nokogiri (>= 1.4.4)
    mime-types (1.17.2)
    mongo (1.3.1)
      bson (>= 1.3.1)
    multi_json (1.1.0)
    multi_xml (0.4.2)
    net-scp (1.0.4)
      net-ssh (>= 1.99.1)
    net-sftp (2.0.5)
      net-ssh (>= 2.0.9)
    net-ssh (2.3.0)
    net-ssh-gateway (1.1.0)
      net-ssh (>= 1.99.1)
    no_peeping_toms (1.1.0)
      activerecord (>= 1.1)
    nokogiri (1.4.4)
    nori (1.1.0)
    packet (0.1.15)
    paper_trail (1.6.5)
      actionpack (~> 2.3)
      activerecord (~> 2.3)
    paperclip (2.4.5)
      activerecord (>= 2.3.0)
      activesupport (>= 2.3.2)
      cocaine (>= 0.0.2)
      mime-types
    pg (0.10.1)
    prawn (0.8.4)
      prawn-core (>= 0.8.4, < 0.9)
      prawn-layout (>= 0.8.4, < 0.9)
      prawn-security (>= 0.8.4, < 0.9)
    prawn-core (0.8.4)
    prawn-layout (0.8.4)
    prawn-security (0.8.4)
    rabl (0.6.1)
      activesupport (>= 2.3.14)
      multi_json (~> 1.1.0)
    rack (1.1.3)
    rack-raw-upload (1.0.11)
      json
    rack-test (0.6.1)
      rack (>= 1.0)
    rails (2.3.14)
      actionmailer (= 2.3.14)
      actionpack (= 2.3.14)
      activerecord (= 2.3.14)
      activeresource (= 2.3.14)
      activesupport (= 2.3.14)
      rake (>= 0.8.3)
    rainbow (1.1.3)
    raindrops (0.8.0)
    rake (0.9.2.2)
    rdoc (3.12)
      json (~> 1.4)
    riddle (1.4.0)
    rspec (2.1.0)
      rspec-core (~> 2.1.0)
      rspec-expectations (~> 2.1.0)
      rspec-mocks (~> 2.1.0)
    rspec-core (2.1.0)
    rspec-expectations (2.1.0)
      diff-lcs (~> 1.1.2)
    rspec-mocks (2.1.0)
    rspec-rails (2.1.0)
      rspec (~> 2.1.0)
    ruby-debug-base19 (0.11.25)
      columnize (>= 0.3.1)
      linecache19 (>= 0.5.11)
      ruby_core_source (>= 0.1.4)
    ruby-debug19 (0.11.6)
      columnize (>= 0.3.1)
      linecache19 (>= 0.5.11)
      ruby-debug-base19 (>= 0.11.19)
    ruby_core_source (0.1.5)
      archive-tar-minitar (>= 0.5.2)
    rubyforge (2.0.4)
      json_pure (>= 1.1.7)
    rubyzip (0.9.6.1)
    savon (0.9.7)
      akami (~> 1.0)
      builder (>= 2.1.2)
      gyoku (>= 0.4.0)
      httpi (~> 0.9)
      nokogiri (>= 1.4.0)
      nori (~> 1.0)
      wasabi (~> 2.0)
    sax-machine (0.1.0)
      nokogiri (> 0.0.0)
    selenium-webdriver (2.20.0)
      childprocess (>= 0.2.5)
      ffi (~> 1.0)
      multi_json (~> 1.0)
      rubyzip
    simplecov (0.6.1)
      multi_json (~> 1.0)
      simplecov-html (~> 0.5.3)
    simplecov-html (0.5.3)
    sinatra (1.0)
      rack (>= 1.0)
    spork (0.9.0)
    term-ansicolor (1.0.7)
    test-unit (2.4.8)
    thinking-sphinx (1.4.9)
      activerecord (>= 1.15.6, < 3.0.0)
      after_commit (>= 1.0.7)
      builder (>= 2.1.2)
      riddle (>= 1.3.3)
    trollop (1.16.2)
    ts-delayed-delta (1.1.1)
      delayed_job (>= 1.8.4)
      thinking-sphinx (>= 1.3.6)
    unicorn (4.2.0)
      kgio (~> 2.6)
      rack
      raindrops (~> 0.7)
    uniform_notifier (1.0.2)
    validatable (1.6.7)
    wasabi (2.1.0)
      nokogiri (>= 1.4.0)
    webrat (0.7.3)
      nokogiri (>= 1.2.0)
      rack (>= 1.0)
      rack-test (>= 0.5.3)
    wicked_pdf (0.7.0)
    will_paginate (2.3.14)
    xpath (0.1.4)
      nokogiri (~> 1.3)

PLATFORMS
  ruby

DEPENDENCIES
  RedCloth (= 4.2.8)
  acts-as-taggable-on (= 2.0.6)
  awesome_nested_set (= 1.4.4)
  backgroundrb!
  base32-crockford (= 0.1.0)
  bson (= 1.3.1)
  bson_ext (= 1.3.1)
  builder (= 2.1.2)
  bullet
  caching_presenter!
  capistrano
  capistrano-unicorn
  capybara
  childprocess
  chromedriver-helper
  chronic (= 0.2.3)
  clamav (= 0.4.1)
  clearance (= 0.8.8)
  crack (= 0.1.8)
  cucumber (= 1.1.0)
  cucumber-rails (= 0.3.2)
  culerity
  curb (= 0.7.15)
  database_cleaner
  delayed_job (~> 2.0.7)
  diff-lcs
  exception_notification (~> 2.3.3.0)
  factory_girl
  fake_arel (= 0.9.9)
  feedzirra (= 0.0.23)
  gherkin
  git
  git_remote_branch
  happymapper!
  headless
  hoe
  hoptoad_notifier (= 2.4.11)
  httparty (= 0.8.1)
  httpclient!
  httpi!
  jslint_on_rails
  json
  json_pure (= 1.4.6)
  launchy
  libxml-ruby (= 1.1.3)
  linecache19 (= 0.5.12)
  mime-types
  mongo (= 1.3.1)
  no_peeping_toms (~> 1.1.0)
  nokogiri (= 1.4.4)
  option_attrs!
  packet (= 0.1.15)
  paper_trail (= 1.6.5)
  paperclip (= 2.4.5)
  pg (= 0.10.1)
  pin_cushion!
  prawn (= 0.8.4)
  rabl
  rack-raw-upload
  rack-test
  rails (= 2.3.14)
  rdoc
  riddle (= 1.4.0)
  rspec (= 2.1.0)
  rspec-rails
  ruby-debug19
  rubyforge
  savon (= 0.9.7)
  selenium-webdriver
  simplecov
  sinatra (= 1.0)
  smurf!
  spork
  term-ansicolor
  test-unit
  thinking-sphinx (= 1.4.9)
  trollop
  ts-delayed-delta (= 1.1.1)
  unicorn
  validatable (= 1.6.7)
  webrat
  wicked_pdf (= 0.7.0)
  will_paginate (= 2.3.14)
  xpath
