GEM
  remote: http://gemcutter.org/
  remote: http://rubygems.org/
  remote: http://gems.github.com/
  specs:
    RedCloth (4.2.3)
    SystemTimer (1.2.3)
    actionmailer (2.3.5)
      actionpack (= 2.3.5)
    actionpack (2.3.5)
      activesupport (= 2.3.5)
      rack (~> 1.0.0)
    activerecord (2.3.5)
      activesupport (= 2.3.5)
    activeresource (2.3.5)
      activesupport (= 2.3.5)
    activesupport (2.3.5)
    acts-as-taggable-on (2.0.6)
    addressable (2.2.6)
    base32-crockford (0.1.0)
    bson (1.3.1)
    bson_ext (1.3.1)
    builder (2.1.2)
    bullet (1.7.6)
    capistrano (2.8.0)
      highline
      net-scp (>= 1.0.0)
      net-sftp (>= 2.0.0)
      net-ssh (>= 2.0.14)
      net-ssh-gateway (>= 1.1.0)
    capybara (1.0.1)
      mime-types (>= 1.16)
      nokogiri (>= 1.3.3)
      rack (>= 1.0.0)
      rack-test (>= 0.5.4)
      selenium-webdriver (~> 2.0)
      xpath (~> 0.1.4)
    childprocess (0.2.2)
      ffi (~> 1.0.6)
    chronic (0.2.3)
      hoe (>= 1.2.1)
    colored (1.2)
    columnize (0.3.4)
    crack (0.1.8)
    cucumber (0.9.2)
      builder (~> 2.1.2)
      diff-lcs (~> 1.1.2)
      gherkin (~> 2.2.5)
      json (~> 1.4.6)
      term-ansicolor (~> 1.0.5)
    cucumber-rails (0.3.2)
      cucumber (>= 0.8.0)
    culerity (0.2.4)
      cucumber
      rspec
    daemons (1.1.0)
    database_cleaner (0.5.0)
    diff-lcs (1.1.2)
    fastercsv (1.5.0)
    ffi (1.0.9)
    gherkin (2.2.9)
      json (~> 1.4.6)
      term-ansicolor (~> 1.0.5)
    git (1.2.5)
    git_remote_branch (0.3.0)
      colored (>= 1.1)
    highline (1.6.2)
    hoe (2.6.1)
      rake (>= 0.8.7)
      rubyforge (>= 2.0.4)
    hoptoad_notifier (2.3.0)
      activesupport
    hpricot (0.6)
    httparty (0.4.4)
      crack (>= 0.1.1)
    hydra (0.23.3)
    json (1.4.6)
    json_pure (1.4.6)
    kgio (2.6.0)
    launchy (2.0.5)
      addressable (~> 2.2.6)
    libxml-ruby (1.1.3)
    linecache (0.46)
      rbx-require-relative (> 0.0.4)
    mdalessio-dryopteris (0.1.2)
      nokogiri (> 0.0.0)
    mime-types (1.16)
    mongo (1.3.1)
      bson (>= 1.3.1)
    mysql (2.8.1)
    net-scp (1.0.4)
      net-ssh (>= 1.99.1)
    net-sftp (2.0.5)
      net-ssh (>= 2.0.9)
    net-ssh (2.2.1)
    net-ssh-gateway (1.1.0)
      net-ssh (>= 1.99.1)
    nokogiri (1.4.3.1)
    packet (0.1.15)
    paper_trail (1.6.5)
      actionpack (~> 2.3)
      activerecord (~> 2.3)
    pauldix-feedzirra (0.0.18)
      activesupport (>= 2.0.0)
      builder (>= 2.1.2)
      mdalessio-dryopteris (>= 0.0.0)
      nokogiri (> 0.0.0)
      pauldix-sax-machine (>= 0.0.12)
      taf2-curb (>= 0.2.3)
    pauldix-sax-machine (0.0.14)
      nokogiri (> 0.0.0)
    pg (0.10.1)
    prawn (0.8.4)
      prawn-core (< 0.9, >= 0.8.4)
      prawn-layout (< 0.9, >= 0.8.4)
      prawn-security (< 0.9, >= 0.8.4)
    prawn-core (0.8.4)
    prawn-layout (0.8.4)
    prawn-security (0.8.4)
    rack (1.0.1)
    rack-test (0.5.4)
      rack (>= 1.0)
    rails (2.3.5)
      actionmailer (= 2.3.5)
      actionpack (= 2.3.5)
      activerecord (= 2.3.5)
      activeresource (= 2.3.5)
      activesupport (= 2.3.5)
      rake (>= 0.8.3)
    raindrops (0.7.0)
    rake (0.8.7)
    rbx-require-relative (0.0.5)
    rcov (0.9.10)
    rspec (1.3.2)
    rspec-rails (1.3.4)
      rack (>= 1.0.0)
      rspec (~> 1.3.1)
    ruby-debug (0.10.4)
      columnize (>= 0.1)
      ruby-debug-base (~> 0.10.4.0)
    ruby-debug-base (0.10.4)
      linecache (>= 0.3)
    ruby-growl (2.0)
    rubyforge (2.0.4)
      json_pure (>= 1.1.7)
    rubyzip (0.9.4)
    selenium-webdriver (2.5.0)
      childprocess (>= 0.2.1)
      ffi (>= 1.0.7)
      json_pure
      rubyzip
    sinatra (1.0)
      rack (>= 1.0)
    spork (0.8.4)
    taf2-curb (0.5.4.0)
    term-ansicolor (1.0.5)
    thoughtbot-clearance (0.6.9)
    thoughtbot-factory_girl (1.2.2)
    thoughtbot-paperclip (2.3.0)
    trollop (1.16.2)
    unicorn (4.1.1)
      kgio (~> 2.4)
      rack
      raindrops (~> 0.6)
    validatable (1.6.7)
    webrat (0.7.1)
      nokogiri (>= 1.2.0)
      rack (>= 1.0)
      rack-test (>= 0.5.3)
    wicked_pdf (0.7.0)
    will_paginate (2.3.14)
    xpath (0.1.4)
      nokogiri (~> 1.3)

PLATFORMS
  ruby

DEPENDENCIES
  RedCloth (= 4.2.3)
  SystemTimer (= 1.2.3)
  actionmailer (= 2.3.5)
  actionpack (= 2.3.5)
  activerecord (= 2.3.5)
  activeresource (= 2.3.5)
  activesupport (= 2.3.5)
  acts-as-taggable-on (= 2.0.6)
  base32-crockford (= 0.1.0)
  bson (= 1.3.1)
  bson_ext (= 1.3.1)
  builder (= 2.1.2)
  bullet (= 1.7.6)
  capistrano
  capybara
  childprocess
  chronic (= 0.2.3)
  crack (= 0.1.8)
  cucumber (= 0.9.2)
  cucumber-rails (= 0.3.2)
  culerity (= 0.2.4)
  daemons (= 1.1.0)
  database_cleaner (= 0.5.0)
  diff-lcs (= 1.1.2)
  fastercsv (= 1.5.0)
  gherkin (= 2.2.9)
  git
  git_remote_branch
  hoe (= 2.6.1)
  hoptoad_notifier (= 2.3.0)
  hpricot (= 0.6)
  httparty (= 0.4.4)
  hydra (= 0.23.3)
  json (= 1.4.6)
  json_pure (= 1.4.6)
  launchy
  libxml-ruby (= 1.1.3)
  mdalessio-dryopteris (= 0.1.2)
  mime-types (= 1.16)
  mongo (= 1.3.1)
  mysql (= 2.8.1)
  nokogiri (= 1.4.3.1)
  packet (= 0.1.15)
  paper_trail (= 1.6.5)
  pauldix-feedzirra (= 0.0.18)
  pauldix-sax-machine (= 0.0.14)
  pg (= 0.10.1)
  prawn (= 0.8.4)
  prawn-core (= 0.8.4)
  prawn-layout (= 0.8.4)
  prawn-security (= 0.8.4)
  rack (= 1.0.1)
  rack-test (= 0.5.4)
  rails (= 2.3.5)
  rake (= 0.8.7)
  rcov
  rspec (= 1.3.2)
  rspec-rails (= 1.3.4)
  ruby-debug
  ruby-growl (= 2.0)
  rubyforge (= 2.0.4)
  selenium-webdriver
  sinatra (= 1.0)
  spork (= 0.8.4)
  taf2-curb (= 0.5.4.0)
  term-ansicolor (= 1.0.5)
  thoughtbot-clearance (= 0.6.9)
  thoughtbot-factory_girl (= 1.2.2)
  thoughtbot-paperclip (= 2.3.0)
  trollop (= 1.16.2)
  unicorn
  validatable (= 1.6.7)
  webrat (= 0.7.1)
  wicked_pdf (= 0.7.0)
  will_paginate (= 2.3.14)
  xpath
