GEM
  remote: http://rubygems.org/
  remote: http://gems.github.com/
  specs:
    RedCloth (4.2.3)
    actionmailer (2.3.5)
      actionpack (= 2.3.5)
    actionpack (2.3.5)
      activesupport (= 2.3.5)
      rack (~> 1.0.0)
    activerecord (2.3.5)
      activesupport (= 2.3.5)
    activeresource (2.3.5)
      activesupport (= 2.3.5)
    activesupport (2.3.5)
    builder (2.1.2)
    bullet (1.7.6)
    capistrano (2.5.19)
      highline
      net-scp (>= 1.0.0)
      net-sftp (>= 2.0.0)
      net-ssh (>= 2.0.14)
      net-ssh-gateway (>= 1.0.0)
    capybara (0.3.9)
      culerity (>= 0.2.4)
      mime-types (>= 1.16)
      nokogiri (>= 1.3.3)
      rack (>= 1.0.0)
      rack-test (>= 0.5.4)
      selenium-webdriver (>= 0.0.3)
    chronic (0.2.3)
      hoe (>= 1.2.1)
    colored (1.2)
    columnize (0.3.1)
    configuration (1.1.0)
    crack (0.1.8)
    cucumber (0.8.5)
      builder (~> 2.1.2)
      diff-lcs (~> 1.1.2)
      gherkin (~> 2.1.4)
      json_pure (~> 1.4.3)
      term-ansicolor (~> 1.0.4)
    cucumber-rails (0.3.2)
      cucumber (>= 0.8.0)
    culerity (0.2.4)
      cucumber
      rspec
    database_cleaner (0.5.0)
    diff-lcs (1.1.2)
    fastercsv (1.5.0)
    ffi (0.6.3)
      rake (>= 0.8.7)
    gherkin (2.1.5)
      trollop (~> 1.16.2)
    git (1.2.5)
    git_remote_branch (0.3.0)
      colored (>= 1.1)
    highline (1.6.1)
    hoe (2.6.1)
      rake (>= 0.8.7)
      rubyforge (>= 2.0.4)
    hoptoad_notifier (2.3.0)
      activesupport
    hpricot (0.6)
    httparty (0.4.4)
      crack (>= 0.1.1)
    json_pure (1.4.6)
    launchy (0.3.7)
      configuration (>= 0.0.5)
      rake (>= 0.8.1)
    libxml-ruby (1.1.3)
    linecache (0.43)
    mdalessio-dryopteris (0.1.2)
      nokogiri (> 0.0.0)
    mime-types (1.16)
    mysql (2.8.1)
    net-scp (1.0.4)
      net-ssh (>= 1.99.1)
    net-sftp (2.0.5)
      net-ssh (>= 2.0.9)
    net-ssh (2.0.23)
    net-ssh-gateway (1.0.1)
      net-ssh (>= 1.99.1)
    nokogiri (1.4.3.1)
    packet (0.1.15)
    pauldix-feedzirra (0.0.18)
      activesupport (>= 2.0.0)
      builder (>= 2.1.2)
      mdalessio-dryopteris (>= 0.0.0)
      nokogiri (> 0.0.0)
      pauldix-sax-machine (>= 0.0.12)
      taf2-curb (>= 0.2.3)
    pauldix-sax-machine (0.0.14)
      nokogiri (> 0.0.0)
    prawn (0.8.4)
      prawn-core (>= 0.8.4, < 0.9)
      prawn-layout (>= 0.8.4, < 0.9)
      prawn-security (>= 0.8.4, < 0.9)
    prawn-core (0.8.4)
    prawn-layout (0.8.4)
    prawn-security (0.8.4)
    rack (1.0.1)
    rack-test (0.5.4)
      rack (>= 1.0)
    rails (2.3.5)
      actionmailer (= 2.3.5)
      actionpack (= 2.3.5)
      activerecord (= 2.3.5)
      activeresource (= 2.3.5)
      activesupport (= 2.3.5)
      rake (>= 0.8.3)
    rake (0.8.7)
    rspec (1.3.0)
    rspec-rails (1.3.2)
      rack (>= 1.0.0)
      rspec (>= 1.3.0)
    ruby-debug (0.10.3)
      columnize (>= 0.1)
      ruby-debug-base (~> 0.10.3.0)
    ruby-debug-base (0.10.3)
      linecache (>= 0.3)
    ruby-growl (2.0)
    rubyforge (2.0.4)
      json_pure (>= 1.1.7)
    rubyzip (0.9.4)
    selenium-webdriver (0.0.27)
      ffi (>= 0.6.1)
      json_pure
      rubyzip
    sinatra (1.0)
      rack (>= 1.0)
    spork (0.8.4)
    taf2-curb (0.5.4.0)
    term-ansicolor (1.0.5)
    thoughtbot-clearance (0.6.9)
    thoughtbot-factory_girl (1.2.2)
    thoughtbot-paperclip (2.3.0)
    trollop (1.16.2)
    validatable (1.6.7)
    webrat (0.7.1)
      nokogiri (>= 1.2.0)
      rack (>= 1.0)
      rack-test (>= 0.5.3)
    will_paginate (2.3.14)

PLATFORMS
  ruby

DEPENDENCIES
  RedCloth (= 4.2.3)
  actionmailer (= 2.3.5)
  actionpack (= 2.3.5)
  activerecord (= 2.3.5)
  activeresource (= 2.3.5)
  activesupport (= 2.3.5)
  builder (= 2.1.2)
  bullet (= 1.7.6)
  capistrano
  capybara (= 0.3.9)
  chronic (= 0.2.3)
  crack (= 0.1.8)
  cucumber (= 0.8.5)
  cucumber-rails (= 0.3.2)
  culerity (= 0.2.4)
  database_cleaner (= 0.5.0)
  diff-lcs (= 1.1.2)
  fastercsv (= 1.5.0)
  gherkin (= 2.1.5)
  git
  git_remote_branch
  hoe (= 2.6.1)
  hoptoad_notifier (= 2.3.0)
  hpricot (= 0.6)
  httparty (= 0.4.4)
  json_pure (= 1.4.6)
  launchy
  libxml-ruby (= 1.1.3)
  mdalessio-dryopteris (= 0.1.2)
  mime-types (= 1.16)
  mysql (= 2.8.1)
  nokogiri (= 1.4.3.1)
  packet (= 0.1.15)
  pauldix-feedzirra (= 0.0.18)
  pauldix-sax-machine (= 0.0.14)
  prawn (= 0.8.4)
  prawn-core (= 0.8.4)
  prawn-layout (= 0.8.4)
  prawn-security (= 0.8.4)
  rack (= 1.0.1)
  rack-test (= 0.5.4)
  rails (= 2.3.5)
  rspec (= 1.3.0)
  rspec-rails (= 1.3.2)
  ruby-debug
  ruby-growl (= 2.0)
  rubyforge (= 2.0.4)
  selenium-webdriver (= 0.0.27)
  sinatra (= 1.0)
  spork (= 0.8.4)
  taf2-curb (= 0.5.4.0)
  term-ansicolor (= 1.0.5)
  thoughtbot-clearance (= 0.6.9)
  thoughtbot-factory_girl (= 1.2.2)
  thoughtbot-paperclip (= 2.3.0)
  trollop (= 1.16.2)
  validatable (= 1.6.7)
  webrat (= 0.7.1)
  will_paginate (= 2.3.14)
